GEM
  remote: http://rubygems.org/
  specs:
    minitest (5.4.3)

PLATFORMS
  ruby

DEPENDENCIES
  minitest (~> 5.4.3)
